GEM
  remote: https://rubygems.org/
  specs:
    aasm (5.5.0)
      concurrent-ruby (~> 1.0)
    ansi (1.5.0)
    builder (3.3.0)
    concurrent-ruby (1.3.4)
    minitest (5.25.1)
    minitest-reporters (1.7.1)
      ansi
      builder
      minitest (>= 5.0)
      ruby-progressbar
    rake (13.2.1)
    ruby-progressbar (1.13.0)

PLATFORMS
  ruby

DEPENDENCIES
  aasm
  minitest
  minitest-reporters
  rake

RUBY VERSION
   ruby 3.3.5p100

BUNDLED WITH
   2.2.28
